GEM
  remote: https://rubygems.org/
  specs:
    RedCloth (4.2.9)
    actionmailer (2.3.18)
      actionpack (= 2.3.18)
    actionpack (2.3.18)
      activesupport (= 2.3.18)
      rack (~> 1.1.0)
    activerecord (2.3.18)
      activesupport (= 2.3.18)
    activeresource (2.3.18)
      activesupport (= 2.3.18)
    activesupport (2.3.18)
    builder (3.2.0)
    json (1.7.7)
    markaby (0.7.2)
      builder (>= 2.0.0)
    mysql (2.9.1)
    pg (0.15.1)
    rack (1.1.6)
    rails (2.3.18)
      actionmailer (= 2.3.18)
      actionpack (= 2.3.18)
      activerecord (= 2.3.18)
      activeresource (= 2.3.18)
      activesupport (= 2.3.18)
      rake (>= 0.8.3)
    rake (10.0.4)
    rdoc (4.0.1)
      json (~> 1.4)
    rmagick (2.13.2)

PLATFORMS
  ruby

DEPENDENCIES
  RedCloth
  markaby
  mysql
  pg
  rails (= 2.3.18)
  rdoc
  rmagick
