GEM
  remote: https://rubygems.org/
  specs:
    RedCloth (4.2.9)
    actionmailer (2.0.2)
      actionpack (= 2.0.2)
    actionpack (2.0.2)
      activesupport (= 2.0.2)
    activerecord (2.0.2)
      activesupport (= 2.0.2)
    activeresource (2.0.2)
      activesupport (= 2.0.2)
    activesupport (2.0.2)
    json (1.7.7)
    pg (0.15.1)
    rails (2.0.2)
      actionmailer (= 2.0.2)
      actionpack (= 2.0.2)
      activerecord (= 2.0.2)
      activeresource (= 2.0.2)
      activesupport (= 2.0.2)
      rake (>= 0.7.2)
    rake (10.0.4)
    rdoc (4.0.1)
      json (~> 1.4)
    rmagick (2.13.2)

PLATFORMS
  ruby

DEPENDENCIES
  RedCloth
  pg
  rails (= 2.0.2)
  rdoc
  rmagick
